GEM
  remote: https://rubygems.org/
  specs:
    addressable (2.3.5)
    blankslate (2.1.2.4)
    coderay (1.1.2)
    faraday (0.9.0)
      multipart-post (>= 1.2, < 3)
    ffi (1.9.25)
    formatador (0.2.5)
    guard (2.14.2)
      formatador (>= 0.2.4)
      listen (>= 2.7, < 4.0)
      lumberjack (>= 1.0.12, < 2.0)
      nenv (~> 0.1)
      notiffany (~> 0.0)
      pry (>= 0.9.12)
      shellany (~> 0.0)
      thor (>= 0.18.1)
    guard-compat (1.2.1)
    guard-shell (0.7.1)
      guard (>= 2.0.0)
      guard-compat (~> 1.0)
    listen (3.1.5)
      rb-fsevent (~> 0.9, >= 0.9.4)
      rb-inotify (~> 0.9, >= 0.9.7)
      ruby_dep (~> 1.2)
    lumberjack (1.0.13)
    method_source (0.9.0)
    multipart-post (2.0.0)
    nenv (0.3.0)
    netrc (0.7.7)
    notiffany (0.1.1)
      nenv (~> 0.1)
      shellany (~> 0.0)
    octokit (2.7.2)
      sawyer (~> 0.5.2)
    parslet (1.5.0)
      blankslate (~> 2.0)
    pry (0.11.3)
      coderay (~> 1.1.0)
      method_source (~> 0.9.0)
    rake (0.9.2.2)
    rb-fsevent (0.10.3)
    rb-inotify (0.9.10)
      ffi (>= 0.5.0, < 2)
    ruby_dep (1.5.0)
    sawyer (0.5.3)
      addressable (~> 2.3.5)
      faraday (~> 0.8, < 0.10)
    shellany (0.0.1)
    thor (0.20.0)
    vim-flavor (2.0.0)
      parslet (~> 1.0)
      thor (~> 0.14)

PLATFORMS
  ruby

DEPENDENCIES
  guard-shell (>= 0.6.1)
  netrc
  octokit
  rake
  vim-flavor

BUNDLED WITH
   1.16.1
